GEM
  remote: https://rubygems.org/
  specs:
    colored (1.2)
    gemrat (0.4.6)
      colored (= 1.2)
    mini_portile (0.5.2)
    nokogiri (1.6.0)
      mini_portile (~> 0.5.0)

PLATFORMS
  ruby

DEPENDENCIES
  gemrat (>= 0.4.6)
  nokogiri (>= 1.6.0)
