GEM
  remote: https://rubygems.org/
  specs:
    addressable (2.3.5)
    builder (3.2.2)
    colored (1.2)
    crack (0.4.1)
      safe_yaml (~> 0.9.0)
    excon (0.30.0)
    faraday (0.8.8)
      multipart-post (~> 1.2.0)
    gemrat (0.4.6)
      colored (= 1.2)
    httpauth (0.2.0)
    json (1.7.7)
    jwt (0.1.8)
      multi_json (>= 1.5)
    mini_portile (0.5.2)
    multi_json (1.8.2)
    multi_xml (0.5.5)
    multipart-post (1.2.0)
    nokogiri (1.6.0)
      mini_portile (~> 0.5.0)
    oauth (0.4.7)
    oauth2 (0.9.2)
      faraday (~> 0.8)
      httpauth (~> 0.2)
      jwt (~> 0.1.4)
      multi_json (~> 1.0)
      multi_xml (~> 0.5)
      rack (~> 1.2)
    rack (1.5.2)
    safe_yaml (0.9.7)
    simple_oauth (0.2.0)
    webmock (1.16.0)
      addressable (>= 2.2.7)
      crack (>= 0.3.2)
    youtube_id (0.0.3)
    youtube_it (2.4.0)
      builder
      excon
      faraday (~> 0.8)
      json (~> 1.7.7)
      nokogiri (~> 1.6.0)
      oauth (~> 0.4.4)
      oauth2 (~> 0.6)
      simple_oauth (>= 0.1.5)
      webmock

PLATFORMS
  ruby

DEPENDENCIES
  gemrat (>= 0.4.6)
  nokogiri (>= 1.6.0)
  youtube_id (~> 0.0.3)
  youtube_it (= 2.4.0)
